GIT
  remote: git://github.com/benglerpebbles/o5-logging.git
  revision: db9686026912448e19fa0512e46f66c871a45da7
  specs:
    o5-logging (0.0.1)

GIT
  remote: git://github.com/benglerpebbles/pebblebed.git
  revision: 139f6e53a95a1911cd3e04160debb7000f814be6
  specs:
    pebblebed (0.0.5)
      activesupport
      curb
      deepstruct
      futurevalue
      i18n
      nokogiri
      pathbuilder
      queryparams
      yajl-ruby

GIT
  remote: git://github.com/origo/bengler_test_helper.git
  revision: 388b8545455c4ef1c0c4ee1841c154041241c97f
  specs:
    bengler_test_helper (0.0.1)

GIT
  remote: git://github.com/rack/rack-contrib.git
  revision: af3663ca6200f8292b221acd5a406af33c219249
  specs:
    rack-contrib (1.1.0)
      rack (>= 0.9.1)

GIT
  remote: git@github.com:origo/capistrano-bengler.git
  revision: f2e29f05b543acff8974910915c40982ba447cfe
  specs:
    capistrano-bengler (0.0.9)
      capistrano (>= 2.9)
      capistrano-ext (>= 1.2.1)

GEM
  remote: http://rubygems.org/
  specs:
    activesupport (3.1.3)
      multi_json (~> 1.0)
    addressable (2.2.6)
    backports (2.3.0)
    capistrano (2.9.0)
      highline
      net-scp (>= 1.0.0)
      net-sftp (>= 2.0.0)
      net-ssh (>= 2.0.14)
      net-ssh-gateway (>= 1.1.0)
    capistrano-ext (1.2.1)
      capistrano (>= 1.0.0)
    carrot (1.2.0)
    coffee-script (2.2.0)
      coffee-script-source
      execjs
    coffee-script-source (1.2.0)
    crack (0.3.1)
    curb (0.7.18)
    deepstruct (0.0.1)
    diff-lcs (1.1.3)
    eventmachine (0.12.10)
    execjs (1.2.13)
      multi_json (~> 1.0)
    futurevalue (0.0.2)
    haml (3.1.4)
    highline (1.6.11)
    hike (1.2.1)
    httpclient (2.2.1)
    i18n (0.6.0)
    kgio (2.7.0)
    multi_json (1.0.4)
    net-scp (1.0.4)
      net-ssh (>= 1.99.1)
    net-sftp (2.0.5)
      net-ssh (>= 2.0.9)
    net-ssh (2.3.0)
    net-ssh-gateway (1.1.0)
      net-ssh (>= 1.99.1)
    nokogiri (1.5.0)
    pathbuilder (0.0.2)
    petroglyph (0.0.1)
      tilt
    pingable (0.0.9)
      rack (>= 1.0.0)
    proxies (0.2.1)
    queryparams (0.0.3)
    rack (1.4.0)
    rack-protection (1.2.0)
      rack
    rack-test (0.6.1)
      rack (>= 1.0)
    raindrops (0.8.0)
    rake (0.9.2.2)
    rspec (2.8.0)
      rspec-core (~> 2.8.0)
      rspec-expectations (~> 2.8.0)
      rspec-mocks (~> 2.8.0)
    rspec-core (2.8.0)
    rspec-expectations (2.8.0)
      diff-lcs (~> 1.1.2)
    rspec-mocks (2.8.0)
    s3 (0.3.11)
      proxies (~> 0.2.0)
    simplecov (0.5.4)
      multi_json (~> 1.0.3)
      simplecov-html (~> 0.5.3)
    simplecov-html (0.5.3)
    sinatra (1.3.2)
      rack (~> 1.3, >= 1.3.6)
      rack-protection (~> 1.2)
      tilt (~> 1.3, >= 1.3.3)
    sinatra-contrib (1.3.1)
      backports (>= 2.0)
      eventmachine
      rack-protection
      rack-test
      sinatra (~> 1.3.0)
      tilt (~> 1.3)
    sprockets (2.1.2)
      hike (~> 1.2)
      rack (~> 1.0)
      tilt (~> 1.1, != 1.3.0)
    sprockets-helpers (0.2.1)
      sprockets (~> 2.0)
    tilt (1.3.3)
    unicorn (4.1.1)
      kgio (~> 2.4)
      rack
      raindrops (~> 0.6)
    vcr (2.0.0.rc1)
    webmock (1.7.10)
      addressable (~> 2.2, > 2.2.5)
      crack (>= 0.1.7)
    yajl-ruby (1.1.0)

PLATFORMS
  ruby

DEPENDENCIES
  bengler_test_helper!
  capistrano (~> 2.9.0)
  capistrano-bengler!
  carrot
  coffee-script
  haml
  httpclient
  o5-logging!
  pebblebed!
  petroglyph
  pingable
  rack-contrib!
  rack-test
  rake
  rspec (~> 2.8)
  s3
  simplecov
  sinatra
  sinatra-contrib
  sprockets
  sprockets-helpers (~> 0.2)
  unicorn (~> 4.1.1)
  vcr (~> 2.0.0.rc1)
  webmock
  yajl-ruby
