GIT
  remote: https://github.com/bengler/pebbles-cors
  revision: 869d6b6540577b8f598dac9263b82c783513243c
  specs:
    pebbles-cors (0.2.2)
      dalli
      pebblebed
      rack

GIT
  remote: https://github.com/rack/rack-contrib.git
  revision: b7e7c38fd02c3b5da91aa57af78b3f571c6ebcd0
  specs:
    rack-contrib (1.1.0)
      rack (>= 0.9.1)

GEM
  remote: https://rubygems.org/
  specs:
    activesupport (4.1.1)
      i18n (~> 0.6, >= 0.6.9)
      json (~> 1.7, >= 1.7.7)
      minitest (~> 5.1)
      thread_safe (~> 0.1)
      tzinfo (~> 1.1)
    addressable (2.3.6)
    airbrake (3.1.4)
      builder
      girl_friday
    amq-protocol (1.9.2)
    backports (3.6.3)
    builder (3.1.3)
    bunny (1.3.1)
      amq-protocol (>= 1.9.2)
    coffee-script (2.2.0)
      coffee-script-source
      execjs
    coffee-script-source (1.2.0)
    connection_pool (0.9.2)
    crack (0.4.2)
      safe_yaml (~> 1.0.0)
    curb (0.8.5)
    dalli (2.6.4)
    deepstruct (0.0.7)
    diff-lcs (1.1.3)
    eventmachine (1.0.3)
    execjs (1.3.0)
      multi_json (~> 1.0)
    futurevalue (0.0.2)
    girl_friday (0.10.0)
      connection_pool (~> 0.9.0)
    haml (3.1.4)
    hike (1.2.1)
    httpclient (2.2.4)
    i18n (0.6.9)
    json (1.8.1)
    kgio (2.9.2)
    mini_portile (0.6.0)
    minitest (5.3.5)
    multi_json (1.10.1)
    nokogiri (1.6.2.1)
      mini_portile (= 0.6.0)
    pathbuilder (0.0.2)
    pebblebed (0.2.1)
      activesupport
      bunny (~> 1.3.1)
      curb (>= 0.8.4)
      deepstruct (>= 0.0.4)
      futurevalue
      nokogiri
      pathbuilder
      queryparams
      yajl-ruby
    pebbles-uid (0.0.8)
    petroglyph (0.0.3)
      tilt
    proxies (0.2.1)
    queryparams (0.0.3)
    rack (1.5.2)
    rack-protection (1.3.2)
      rack
    rack-test (0.6.1)
      rack (>= 1.0)
    raindrops (0.13.0)
    rake (0.9.2.2)
    rspec (2.9.0)
      rspec-core (~> 2.9.0)
      rspec-expectations (~> 2.9.0)
      rspec-mocks (~> 2.9.0)
    rspec-core (2.9.0)
    rspec-expectations (2.9.0)
      diff-lcs (~> 1.1.3)
    rspec-mocks (2.9.0)
    s3 (0.3.11)
      proxies (~> 0.2.0)
    safe_yaml (1.0.3)
    sass (3.2.1)
    simplecov (0.6.1)
      multi_json (~> 1.0)
      simplecov-html (~> 0.5.3)
    simplecov-html (0.5.3)
    sinatra (1.3.4)
      rack (~> 1.4)
      rack-protection (~> 1.3)
      tilt (~> 1.3, >= 1.3.3)
    sinatra-contrib (1.3.1)
      backports (>= 2.0)
      eventmachine
      rack-protection
      rack-test
      sinatra (~> 1.3.0)
      tilt (~> 1.3)
    sprockets (2.4.0)
      hike (~> 1.2)
      multi_json (~> 1.0)
      rack (~> 1.0)
      tilt (~> 1.1, != 1.3.0)
    sprockets-helpers (0.3.0)
      sprockets (~> 2.0)
    thread_safe (0.3.4)
    tilt (1.3.3)
    tzinfo (1.2.1)
      thread_safe (~> 0.1)
    unicorn (4.8.3)
      kgio (~> 2.6)
      rack
      raindrops (~> 0.7)
    vcr (2.9.2)
    webmock (1.18.0)
      addressable (>= 2.3.6)
      crack (>= 0.3.2)
    yajl-ruby (1.2.1)

PLATFORMS
  ruby

DEPENDENCIES
  airbrake (~> 3.1.4)
  coffee-script
  dalli
  haml
  httpclient
  pebblebed (~> 0.2.1)
  pebbles-cors!
  pebbles-uid (= 0.0.8)
  petroglyph
  rack-contrib!
  rack-test
  rake
  rspec (~> 2.8)
  s3
  sass
  simplecov
  sinatra
  sinatra-contrib
  sprockets
  sprockets-helpers (~> 0.2)
  unicorn
  vcr (~> 2.9)
  webmock
  yajl-ruby
