GIT
  remote: git@github.com:benglerpebbles/pebblebed.git
  revision: f635b3a221ad4c88c6d5a0b3dfa04c704e3aeaf8
  specs:
    pebblebed (0.0.4)
      activesupport
      curb
      deepstruct
      futurevalue
      i18n
      nokogiri
      pathbuilder
      queryparams
      yajl-ruby

GIT
  remote: git@github.com:origo/bengler_test_helper.git
  revision: 388b8545455c4ef1c0c4ee1841c154041241c97f
  specs:
    bengler_test_helper (0.0.1)

GIT
  remote: git@github.com:rack/rack-contrib.git
  revision: acdcb256bb6e7da2f86a02457e287a338cdbde5e
  specs:
    rack-contrib (1.1.0)
      rack (>= 0.9.1)

GEM
  remote: http://rubygems.org/
  specs:
    activesupport (3.1.3)
      multi_json (~> 1.0)
    backports (2.3.0)
    capistrano (2.8.0)
      highline
      net-scp (>= 1.0.0)
      net-sftp (>= 2.0.0)
      net-ssh (>= 2.0.14)
      net-ssh-gateway (>= 1.1.0)
    capistrano-ext (1.2.1)
      capistrano (>= 1.0.0)
    curb (0.7.16)
    dalli (1.1.4)
    deepstruct (0.0.1)
    diff-lcs (1.1.3)
    eventmachine (0.12.10)
    futurevalue (0.0.2)
    highline (1.6.9)
    i18n (0.6.0)
    kgio (2.7.0)
    multi_json (1.0.4)
    net-scp (1.0.4)
      net-ssh (>= 1.99.1)
    net-sftp (2.0.5)
      net-ssh (>= 2.0.9)
    net-ssh (2.2.1)
    net-ssh-gateway (1.1.0)
      net-ssh (>= 1.99.1)
    nokogiri (1.5.0)
    pathbuilder (0.0.2)
    petroglyph (0.0.1)
      tilt
    proxies (0.2.1)
    queryparams (0.0.3)
    rack (1.4.0)
    rack-protection (1.2.0)
      rack
    rack-test (0.6.1)
      rack (>= 1.0)
    raindrops (0.8.0)
    rake (0.9.2.2)
    rspec (2.7.0)
      rspec-core (~> 2.7.0)
      rspec-expectations (~> 2.7.0)
      rspec-mocks (~> 2.7.0)
    rspec-core (2.7.1)
    rspec-expectations (2.7.0)
      diff-lcs (~> 1.1.2)
    rspec-mocks (2.7.0)
    s3 (0.3.11)
      proxies (~> 0.2.0)
    simplecov (0.5.4)
      multi_json (~> 1.0.3)
      simplecov-html (~> 0.5.3)
    simplecov-html (0.5.3)
    sinatra (1.3.2)
      rack (~> 1.3, >= 1.3.6)
      rack-protection (~> 1.2)
      tilt (~> 1.3, >= 1.3.3)
    sinatra-contrib (1.3.1)
      backports (>= 2.0)
      eventmachine
      rack-protection
      rack-test
      sinatra (~> 1.3.0)
      tilt (~> 1.3)
    tilt (1.3.3)
    timecop (0.3.5)
    unicorn (4.1.1)
      kgio (~> 2.4)
      rack
      raindrops (~> 0.6)
    yajl-ruby (1.1.0)

PLATFORMS
  ruby

DEPENDENCIES
  bengler_test_helper!
  capistrano (= 2.8.0)
  capistrano-ext (= 1.2.1)
  dalli
  pebblebed!
  petroglyph
  rack-contrib!
  rack-test
  rake
  rspec (~> 2.7.0.rc1)
  s3
  simplecov
  sinatra
  sinatra-contrib
  timecop
  unicorn (~> 4.1.1)
  yajl-ruby
