GIT
  remote: https://github.com/rack/rack-contrib.git
  revision: b7e7c38fd02c3b5da91aa57af78b3f571c6ebcd0
  specs:
    rack-contrib (1.1.0)
      rack (>= 0.9.1)

GEM
  remote: http://rubygems.org/
  specs:
    activesupport (3.0.17)
    addressable (2.3.2)
    backports (2.6.4)
    builder (2.1.2)
    bunny (0.7.9)
    coffee-script (2.2.0)
      coffee-script-source
      execjs
    coffee-script-source (1.3.3)
    crack (0.3.1)
    curb (0.8.1)
    daemons (1.1.9)
    deepstruct (0.0.2)
    diff-lcs (1.1.3)
    eventmachine (0.12.10)
    execjs (1.4.0)
      multi_json (~> 1.0)
    futurevalue (0.0.2)
    haml (3.1.7)
    hike (1.2.1)
    httpclient (2.2.7)
    i18n (0.6.1)
    json (1.6.7)
    kgio (2.7.4)
    mime-types (1.19)
    multi_json (1.3.6)
    nokogiri (1.5.5)
    pathbuilder (0.0.2)
    pebblebed (0.0.19)
      activesupport
      bunny
      curb (>= 0.7.14)
      deepstruct (>= 0.0.2)
      futurevalue
      i18n
      nokogiri
      pathbuilder
      queryparams
      yajl-ruby
    petroglyph (0.0.3)
      tilt
    proxies (0.2.1)
    queryparams (0.0.3)
    rack (1.4.1)
    rack-protection (1.2.0)
      rack
    rack-test (0.6.1)
      rack (>= 1.0)
    raindrops (0.10.0)
    rake (0.9.2.2)
    rspec (2.11.0)
      rspec-core (~> 2.11.0)
      rspec-expectations (~> 2.11.0)
      rspec-mocks (~> 2.11.0)
    rspec-core (2.11.1)
    rspec-expectations (2.11.2)
      diff-lcs (~> 1.1.3)
    rspec-mocks (2.11.2)
    s3 (0.3.11)
      proxies (~> 0.2.0)
    scashin133-syslog_logger (1.7.3)
    simplecov (0.6.4)
      multi_json (~> 1.0)
      simplecov-html (~> 0.5.3)
    simplecov-html (0.5.3)
    sinatra (1.3.3)
      rack (~> 1.3, >= 1.3.6)
      rack-protection (~> 1.2)
      tilt (~> 1.3, >= 1.3.3)
    sinatra-contrib (1.3.1)
      backports (>= 2.0)
      eventmachine
      rack-protection
      rack-test
      sinatra (~> 1.3.0)
      tilt (~> 1.3)
    sprockets (2.4.5)
      hike (~> 1.2)
      multi_json (~> 1.0)
      rack (~> 1.0)
      tilt (~> 1.1, != 1.3.0)
    sprockets-helpers (0.6.1)
      sprockets (~> 2.0)
    sqs (0.1.2)
    thin (1.2.11)
      daemons (>= 1.0.9)
      eventmachine (>= 0.12.6)
      rack (>= 1.0.0)
    tilt (1.3.3)
    tootsie (0.9.25)
      activesupport (~> 3.0.0)
      builder (~> 2.1.2)
      bunny (~> 0.7.8)
      httpclient (~> 2.2.1)
      i18n (>= 0.4.2)
      json (~> 1.6.5)
      mime-types (~> 1.16)
      s3 (~> 0.3.8)
      scashin133-syslog_logger (~> 1.7.3)
      sinatra (~> 1.0)
      sqs (~> 0.1.2)
      thin (~> 1.2.7)
      unicorn (~> 4.1.1)
      xml-simple (~> 1.0.12)
    unicorn (4.1.1)
      kgio (~> 2.4)
      rack
      raindrops (~> 0.6)
    vcr (2.0.1)
    webmock (1.8.9)
      addressable (>= 2.2.7)
      crack (>= 0.1.7)
    xml-simple (1.0.16)
    yajl-ruby (1.1.0)

PLATFORMS
  ruby

DEPENDENCIES
  coffee-script
  haml
  httpclient
  pebblebed
  petroglyph
  rack-contrib!
  rack-test
  rake
  rspec (~> 2.8)
  s3
  simplecov
  sinatra
  sinatra-contrib
  sprockets
  sprockets-helpers (~> 0.2)
  tootsie
  unicorn (~> 4.1.1)
  vcr (~> 2.0.0.rc1)
  webmock
  yajl-ruby
