GIT
  remote: https://github.com/bengler/pebbles-cors
  revision: e4536d1427132e243afc1d6367eeba530348a479
  specs:
    pebbles-cors (0.2.3)
      dalli
      pebblebed
      rack

GEM
  remote: https://rubygems.org/
  specs:
    absolute_time (1.0.0)
    activesupport (5.1.4)
      concurrent-ruby (~> 1.0, >= 1.0.2)
      i18n (~> 0.7)
      minitest (~> 5.1)
      tzinfo (~> 1.1)
    addressable (2.3.8)
    airbrake (3.1.17)
      builder
      multi_json
    amq-protocol (2.3.0)
    backports (3.6.5)
    builder (3.2.2)
    bunny (2.9.1)
      amq-protocol (~> 2.3.0)
    concurrent-ruby (1.0.5)
    crack (0.4.2)
      safe_yaml (~> 1.0.0)
    curb (0.9.4)
    dalli (2.7.4)
    deepstruct (0.0.7)
    diff-lcs (1.2.5)
    docile (1.1.5)
    futurevalue (0.0.2)
    git-version-bump (0.15.1)
    httpclient (2.6.0.1)
    i18n (0.9.3)
      concurrent-ruby (~> 1.0)
    json (1.8.6)
    kgio (2.9.3)
    mimemagic (0.3.2)
    mini_portile2 (2.3.0)
    minitest (5.11.1)
    multi_json (1.11.2)
    nokogiri (1.8.1)
      mini_portile2 (~> 2.3.0)
    pathbuilder (0.0.2)
    pebblebed (0.3.26)
      absolute_time
      activesupport
      bunny
      curb (>= 0.8.8)
      deepstruct (>= 0.0.4)
      futurevalue
      nokogiri
      pathbuilder
      queryparams
      yajl-ruby
    pebbles-uid (0.0.22)
    proxies (0.2.1)
    queryparams (0.0.3)
    rack (1.6.4)
    rack-contrib (1.3.0)
      git-version-bump (~> 0.15)
      rack (~> 1.4)
    rack-protection (1.5.3)
      rack
    rack-test (0.6.3)
      rack (>= 1.0)
    raindrops (0.15.0)
    rake (10.4.2)
    rspec (3.3.0)
      rspec-core (~> 3.3.0)
      rspec-expectations (~> 3.3.0)
      rspec-mocks (~> 3.3.0)
    rspec-core (3.3.2)
      rspec-support (~> 3.3.0)
    rspec-expectations (3.3.1)
      diff-lcs (>= 1.2.0, < 2.0)
      rspec-support (~> 3.3.0)
    rspec-mocks (3.3.2)
      diff-lcs (>= 1.2.0, < 2.0)
      rspec-support (~> 3.3.0)
    rspec-support (3.3.0)
    s3 (0.3.22)
      proxies (~> 0.2.0)
    safe_yaml (1.0.4)
    simplecov (0.10.0)
      docile (~> 1.1.0)
      json (~> 1.8)
      simplecov-html (~> 0.10.0)
    simplecov-html (0.10.0)
    sinatra (1.4.6)
      rack (~> 1.4)
      rack-protection (~> 1.4)
      tilt (>= 1.3, < 3)
    sinatra-contrib (1.4.6)
      backports (>= 2.0)
      multi_json
      rack-protection
      rack-test
      sinatra (~> 1.4.0)
      tilt (>= 1.3, < 3)
    thread_safe (0.3.6)
    tilt (2.0.1)
    tzinfo (1.2.4)
      thread_safe (~> 0.1)
    unicorn (4.9.0)
      kgio (~> 2.6)
      rack
      raindrops (~> 0.7)
    vcr (2.9.3)
    webmock (1.21.0)
      addressable (>= 2.3.6)
      crack (>= 0.3.2)
    yajl-ruby (1.3.1)

PLATFORMS
  ruby

DEPENDENCIES
  airbrake (~> 3.1.4)
  httpclient (~> 2.6.0.1)
  mimemagic (~> 0.3.2)
  pebblebed (~> 0.3.26)
  pebbles-cors!
  pebbles-uid (~> 0.0.22)
  rack-contrib (~> 1.3.0)
  rack-test (~> 0.6.3)
  rake (~> 10.4.2)
  rspec (~> 3.3.0)
  rspec-mocks (~> 3.3.2)
  s3 (~> 0.3.22)
  simplecov (~> 0.10.0)
  sinatra (~> 1.4.6)
  sinatra-contrib (~> 1.4.6)
  unicorn (~> 4.9.0)
  vcr (~> 2.9.3)
  webmock (~> 1.21.0)

BUNDLED WITH
   1.13.6
