GIT
  remote: https://github.com/bengler/pebbles-cors
  revision: d51dc16e96bb7534da7e4dae2e311c8a31b7429a
  specs:
    pebbles-cors (0.0.1)
      dalli
      pebblebed
      rack

GIT
  remote: https://github.com/rack/rack-contrib.git
  revision: b7e7c38fd02c3b5da91aa57af78b3f571c6ebcd0
  specs:
    rack-contrib (1.1.0)
      rack (>= 0.9.1)

GEM
  remote: http://rubygems.org/
  specs:
    activesupport (3.2.8)
      i18n (~> 0.6)
      multi_json (~> 1.0)
    addressable (2.2.7)
    airbrake (3.1.4)
      builder
      girl_friday
    backports (2.5.1)
    builder (3.1.3)
    bunny (0.8.0)
    coffee-script (2.2.0)
      coffee-script-source
      execjs
    coffee-script-source (1.2.0)
    connection_pool (0.9.2)
    crack (0.3.1)
    curb (0.8.1)
    dalli (2.3.0)
    deepstruct (0.0.2)
    diff-lcs (1.1.3)
    eventmachine (0.12.10)
    execjs (1.3.0)
      multi_json (~> 1.0)
    futurevalue (0.0.2)
    girl_friday (0.10.0)
      connection_pool (~> 0.9.0)
    haml (3.1.4)
    hike (1.2.1)
    httpclient (2.2.4)
    i18n (0.6.1)
    kgio (2.7.4)
    multi_json (1.3.6)
    nokogiri (1.5.5)
    pathbuilder (0.0.2)
    pebblebed (0.0.22)
      activesupport
      bunny
      curb (>= 0.7.14)
      deepstruct (>= 0.0.2)
      futurevalue
      i18n
      nokogiri
      pathbuilder
      queryparams
      yajl-ruby
    pebbles-uid (0.0.8)
    petroglyph (0.0.3)
      tilt
    proxies (0.2.1)
    queryparams (0.0.3)
    rack (1.4.1)
    rack-protection (1.2.0)
      rack
    rack-test (0.6.1)
      rack (>= 1.0)
    raindrops (0.8.0)
    rake (0.9.2.2)
    rspec (2.9.0)
      rspec-core (~> 2.9.0)
      rspec-expectations (~> 2.9.0)
      rspec-mocks (~> 2.9.0)
    rspec-core (2.9.0)
    rspec-expectations (2.9.0)
      diff-lcs (~> 1.1.3)
    rspec-mocks (2.9.0)
    s3 (0.3.11)
      proxies (~> 0.2.0)
    sass (3.2.1)
    simplecov (0.6.1)
      multi_json (~> 1.0)
      simplecov-html (~> 0.5.3)
    simplecov-html (0.5.3)
    sinatra (1.3.2)
      rack (~> 1.3, >= 1.3.6)
      rack-protection (~> 1.2)
      tilt (~> 1.3, >= 1.3.3)
    sinatra-contrib (1.3.1)
      backports (>= 2.0)
      eventmachine
      rack-protection
      rack-test
      sinatra (~> 1.3.0)
      tilt (~> 1.3)
    sprockets (2.4.0)
      hike (~> 1.2)
      multi_json (~> 1.0)
      rack (~> 1.0)
      tilt (~> 1.1, != 1.3.0)
    sprockets-helpers (0.3.0)
      sprockets (~> 2.0)
    tilt (1.3.3)
    unicorn (4.1.1)
      kgio (~> 2.4)
      rack
      raindrops (~> 0.6)
    vcr (2.0.1)
    webmock (1.8.5)
      addressable (>= 2.2.7)
      crack (>= 0.1.7)
    yajl-ruby (1.1.0)

PLATFORMS
  ruby

DEPENDENCIES
  airbrake (~> 3.1.4)
  coffee-script
  haml
  httpclient
  pebblebed
  pebbles-cors!
  pebbles-uid (= 0.0.8)
  petroglyph
  rack-contrib!
  rack-test
  rake
  rspec (~> 2.8)
  s3
  sass
  simplecov
  sinatra
  sinatra-contrib
  sprockets
  sprockets-helpers (~> 0.2)
  unicorn (~> 4.1.1)
  vcr (~> 2.0.0.rc1)
  webmock
  yajl-ruby
